PATH
  remote: .
  specs:
    nanoc-toolbox (0.0.5)
      jsmin (>= 1.0.1)
      nanoc (>= 3.1.6)
      nokogiri (>= 1.4.4)

GEM
  remote: http://rubygems.org/
  specs:
    cri (2.0.2)
    diff-lcs (1.1.2)
    jsmin (1.0.1)
    nanoc (3.2.3)
      nanoc3 (>= 3.2.3)
    nanoc3 (3.2.3)
      cri (~> 2.0)
    nokogiri (1.5.0)
    rspec (2.4.0)
      rspec-core (~> 2.4.0)
      rspec-expectations (~> 2.4.0)
      rspec-mocks (~> 2.4.0)
    rspec-core (2.4.0)
    rspec-expectations (2.4.0)
      diff-lcs (~> 1.1.2)
    rspec-mocks (2.4.0)

PLATFORMS
  ruby

DEPENDENCIES
  bundler (>= 1.0.0)
  nanoc-toolbox!
  rspec (>= 1.0.0)
