PATH
  remote: .
  specs:
    nanoc-toolbox (0.1.1)
      jsmin (~> 1.0)
      nanoc (~> 3.4)
      nokogiri (~> 1.4)

GEM
  remote: http://rubygems.org/
  specs:
    colored (1.2)
    cri (2.3.0)
      colored (>= 1.2)
    diff-lcs (1.1.2)
    ffi (1.0.11)
    guard (1.2.3)
      listen (>= 0.4.2)
      thor (>= 0.14.6)
    guard-rspec (1.1.0)
      guard (>= 1.1)
    jsmin (1.0.1)
    listen (0.4.7)
      rb-fchange (~> 0.0.5)
      rb-fsevent (~> 0.9.1)
      rb-inotify (~> 0.8.8)
    multi_json (1.3.6)
    nanoc (3.4.0)
      cri (~> 2.2)
    nokogiri (1.5.5)
    rake (0.9.2.2)
    rb-fchange (0.0.5)
      ffi
    rb-fsevent (0.9.1)
    rb-inotify (0.8.8)
      ffi (>= 0.5.0)
    rspec (2.4.0)
      rspec-core (~> 2.4.0)
      rspec-expectations (~> 2.4.0)
      rspec-mocks (~> 2.4.0)
    rspec-core (2.4.0)
    rspec-expectations (2.4.0)
      diff-lcs (~> 1.1.2)
    rspec-mocks (2.4.0)
    simplecov (0.6.4)
      multi_json (~> 1.0)
      simplecov-html (~> 0.5.3)
    simplecov-html (0.5.3)
    thor (0.15.4)

PLATFORMS
  ruby

DEPENDENCIES
  bundler (~> 1.1)
  guard-rspec
  nanoc-toolbox!
  rake (~> 0.9)
  rspec (~> 2.4)
  simplecov
